GEM
  remote: https://rubygems.org/
  specs:
    auto_reloader (0.4.1)
    coderay (1.1.2)
    erubi (1.8.0)
    method_source (0.9.2)
    mustermann (1.1.1)
      ruby2_keywords (~> 0.0.1)
    pry (0.12.2)
      coderay (~> 1.1.0)
      method_source (~> 0.9.0)
    rack (2.2.3)
    rack-protection (2.2.0)
      rack
    ruby2_keywords (0.0.5)
    sinatra (2.2.0)
      mustermann (~> 1.0)
      rack (~> 2.2)
      rack-protection (= 2.2.0)
      tilt (~> 2.0)
    tilt (2.0.10)

PLATFORMS
  ruby

DEPENDENCIES
  auto_reloader (~> 0.4)
  erubi (~> 1.7)
  pry
  sinatra (~> 2.2)

BUNDLED WITH
   2.1.4
